PATH
  remote: .
  specs:
    latest_stock_price (0.1.0)

GEM
  remote: https://rubygems.org/
  specs:
    byebug (11.1.3)
    rake (13.2.1)

PLATFORMS
  ruby
  x86_64-linux

DEPENDENCIES
  byebug
  latest_stock_price!
  rake (~> 13.0)

BUNDLED WITH
   2.5.6
